GEM
  remote: https://rubygems.org/
  specs:
    crowdflower (0.6.8)
      httparty (>= 0.7.4)
    httparty (0.10.2)
      multi_json (~> 1.0)
      multi_xml (>= 0.5.2)
    json (1.7.7)
    multi_json (1.7.1)
    multi_xml (0.5.3)
    nokogiri (1.5.5)

PLATFORMS
  ruby

DEPENDENCIES
  crowdflower
  httparty
  json
  nokogiri
